GEM
  specs:
    thor (0.15.4)

PLATFORMS
  ruby

DEPENDENCIES
  thor
